GEM
  remote: https://rubygems.org/
  specs:
    byebug (11.1.3)
    concurrent-ruby (1.1.9)
    faker (2.19.0)
      i18n (>= 1.6, < 2)
    i18n (1.8.11)
      concurrent-ruby (~> 1.0)

PLATFORMS
  universal-darwin-21

DEPENDENCIES
  byebug (~> 11.1.3)
  faker (~> 2.19)

BUNDLED WITH
   2.2.31
